GEM
  remote: https://rubygems.org/
  specs:
    daemons (1.1.9)
    erubis (2.7.0)
    eventmachine (1.0.3)
    nokogiri (1.5.5)
    rack (1.5.2)
    rack-protection (1.5.1)
      rack
    sequel (4.10.0)
    sinatra (1.4.4)
      rack (~> 1.4)
      rack-protection (~> 1.4)
      tilt (~> 1.3, >= 1.3.4)
    sqlite3 (1.3.9)
    thin (1.6.1)
      daemons (>= 1.0.9)
      eventmachine (>= 1.0.0)
      rack (>= 1.0.0)
    tilt (1.4.1)

PLATFORMS
  ruby

DEPENDENCIES
  erubis
  nokogiri (= 1.5.5)
  sequel
  sinatra
  sqlite3
  thin
